PATH
  remote: .
  specs:
    autocorrect-rb (2.6.1)
      rb_sys (>= 0.9.54)

GEM
  remote: https://rubygems.org/
  specs:
    activesupport (7.0.4.1)
      concurrent-ruby (~> 1.0, >= 1.0.2)
      i18n (>= 1.6, < 2)
      minitest (>= 5.1)
      tzinfo (~> 2.0)
    benchmark-ips (2.10.0)
    concurrent-ruby (1.1.10)
    i18n (1.12.0)
      concurrent-ruby (~> 1.0)
    memory_profiler (1.0.1)
    minitest (5.16.3)
    rake (13.0.6)
    rake-compiler (1.2.1)
      rake
    rb_sys (0.9.54)
    tzinfo (2.0.5)
      concurrent-ruby (~> 1.0)

PLATFORMS
  arm64-darwin-20
  arm64-darwin-21
  arm64-darwin-22
  x86_64-linux

DEPENDENCIES
  activesupport
  autocorrect-rb!
  benchmark-ips
  memory_profiler
  minitest
  rake
  rake-compiler (~> 1.2)
  rb_sys

BUNDLED WITH
   2.3.18
